GEM
  remote: https://rubygems.org/
  specs:
    addressable (2.8.7)
      public_suffix (>= 2.0.2, < 7.0)
    domain_name (0.6.20240107)
    faraday (2.13.1)
      faraday-net_http (>= 2.0, < 3.5)
      json
      logger
    faraday-cookie_jar (0.0.7)
      faraday (>= 0.8.0)
      http-cookie (~> 1.0.0)
    faraday-encoding (0.0.6)
      faraday
    faraday-follow_redirects (0.3.0)
      faraday (>= 1, < 3)
    faraday-gzip (2.0.1)
      faraday (>= 1.0)
      zlib (~> 3.0)
    faraday-http-cache (2.5.1)
      faraday (>= 0.8)
    faraday-net_http (3.4.0)
      net-http (>= 0.5.0)
    faraday-retry (2.3.1)
      faraday (~> 2.0)
    fastimage (2.4.0)
    http-cookie (1.0.8)
      domain_name (~> 0.5)
    json (2.12.0)
    logger (1.7.0)
    metainspector (5.16.0)
      addressable (~> 2.8.4)
      faraday (~> 2.5)
      faraday-cookie_jar (~> 0.0)
      faraday-encoding (~> 0.0)
      faraday-follow_redirects (~> 0.3)
      faraday-gzip (>= 0.1, < 3.0)
      faraday-http-cache (~> 2.5)
      faraday-retry (~> 2.0)
      fastimage (~> 2.2)
      nesty (~> 1.0)
      nokogiri (~> 1.18.8)
    nesty (1.0.2)
    net-http (0.6.0)
      uri
    nokogiri (1.18.8-x86_64-darwin)
      racc (~> 1.4)
    public_suffix (6.0.2)
    racc (1.8.1)
    stringex (2.8.6)
    uri (1.0.3)
    zlib (3.2.1)

PLATFORMS
  x86_64-darwin-22
  x86_64-darwin-24

DEPENDENCIES
  metainspector
  stringex

BUNDLED WITH
   2.6.6
