GEM
  remote: https://rubygems.org/
  specs:
    addressable (2.8.7)
      public_suffix (>= 2.0.2, < 7.0)
    domain_name (0.6.20240107)
    faraday (2.11.0)
      faraday-net_http (>= 2.0, < 3.4)
      logger
    faraday-cookie_jar (0.0.7)
      faraday (>= 0.8.0)
      http-cookie (~> 1.0.0)
    faraday-encoding (0.0.6)
      faraday
    faraday-follow_redirects (0.3.0)
      faraday (>= 1, < 3)
    faraday-gzip (1.0.0)
      faraday (>= 1.0)
      zlib (~> 2.1)
    faraday-http-cache (2.5.1)
      faraday (>= 0.8)
    faraday-net_http (3.3.0)
      net-http
    faraday-retry (2.2.1)
      faraday (~> 2.0)
    fastimage (2.3.1)
    http-cookie (1.0.7)
      domain_name (~> 0.5)
    logger (1.6.0)
    metainspector (5.15.0)
      addressable (~> 2.8.4)
      faraday (~> 2.5)
      faraday-cookie_jar (~> 0.0)
      faraday-encoding (~> 0.0)
      faraday-follow_redirects (~> 0.3)
      faraday-gzip (>= 0.1, < 2.0)
      faraday-http-cache (~> 2.5)
      faraday-retry (~> 2.0)
      fastimage (~> 2.2)
      nesty (~> 1.0)
      nokogiri (~> 1.13)
    mini_portile2 (2.8.8)
    nesty (1.0.2)
    net-http (0.4.1)
      uri
    nokogiri (1.16.7)
      mini_portile2 (~> 2.8.2)
      racc (~> 1.4)
    public_suffix (6.0.1)
    racc (1.8.1)
    stringex (2.8.6)
    uri (0.13.1)
    zlib (2.1.1)

PLATFORMS
  x86_64-darwin-22
  x86_64-darwin-24

DEPENDENCIES
  metainspector
  stringex

BUNDLED WITH
   2.4.22
